GEM
  remote: http://www.rubygems.org/
  specs:
    appium_lib (0.5.15)
      awesome_print (~> 1.1.0)
      json (~> 1.8.0)
      selenium-webdriver (~> 2.33.0)
      toml (~> 0.0.4)
    awesome_print (1.1.0)
    blankslate (2.1.2.4)
    builder (3.2.2)
    childprocess (0.3.9)
      ffi (~> 1.0, >= 1.0.11)
    coderay (1.0.9)
    cucumber (1.3.2)
      builder (>= 2.1.2)
      diff-lcs (>= 1.1.3)
      gherkin (~> 2.12.0)
      multi_json (~> 1.3)
    diff-lcs (1.2.4)
    ffi (1.9.0)
    gherkin (2.12.0)
      multi_json (~> 1.3)
    json (1.8.0)
    method_source (0.8.1)
    minitest (5.0.6)
    multi_json (1.7.7)
    parslet (1.5.0)
      blankslate (~> 2.0)
    pry (0.9.12.2)
      coderay (~> 1.0.5)
      method_source (~> 0.8)
      slop (~> 3.4)
    rubyzip (0.9.9)
    selenium-webdriver (2.33.0)
      childprocess (>= 0.2.5)
      multi_json (~> 1.0)
      rubyzip
      websocket (~> 1.0.4)
    slop (3.4.5)
    toml (0.0.4)
      parslet
    websocket (1.0.7)

PLATFORMS
  ruby

DEPENDENCIES
  appium_lib
  cucumber
  minitest
  pry
  selenium-webdriver
